GEM
  remote: http://rubygems.org/
  specs:
    activemodel (3.0.3)
      activesupport (= 3.0.3)
      builder (~> 2.1.2)
      i18n (~> 0.4)
    activesupport (3.0.3)
    builder (2.1.2)
    configatron (2.6.4)
      yamler (>= 0.1.0)
    cover_me (1.0.0.rc5)
      configatron
      hashie
    git (1.2.5)
    hashie (0.4.0)
    i18n (0.5.0)
    jeweler (1.5.2)
      bundler (~> 1.0.0)
      git (>= 1.2.5)
      rake
    rake (0.8.7)
    yamler (0.1.0)

PLATFORMS
  ruby

DEPENDENCIES
  activemodel (>= 3.0.0)
  bundler (~> 1.0.0)
  cover_me
  jeweler (~> 1.5.2)
